GEM
  remote: http://rubygems.org/
  specs:
    RedCloth (4.2.8)
    addressable (2.2.6)
    albino (1.3.3)
      posix-spawn (>= 0.3.6)
    blankslate (2.1.2.4)
    chunky_png (1.2.1)
    classifier (1.3.3)
      fast-stemmer (>= 1.0.0)
    compass (0.11.5)
      chunky_png (~> 1.2)
      fssm (>= 0.2.7)
      sass (~> 3.1)
    directory_watcher (1.4.0)
    domainatrix (0.0.10)
      addressable
    faraday (0.7.4)
      addressable (~> 2.2.6)
      multipart-post (~> 1.1.0)
      rack (< 2, >= 1.1.0)
    faraday-stack (0.1.3)
      faraday (~> 0.6)
    fast-stemmer (1.0.0)
    ffi (1.0.9)
    ffi (1.0.9-x86-mingw32)
    fssm (0.2.7)
    haml (3.1.2)
    hpricot (0.8.4)
    indextank (1.0.12)
      faraday-stack
      yajl-ruby (>= 0.7.7)
    jekyll (0.11.0)
      albino (>= 1.3.2)
      classifier (>= 1.3.1)
      directory_watcher (>= 1.1.1)
      kramdown (>= 0.13.2)
      liquid (>= 1.9.0)
      maruku (>= 0.5.9)
    kramdown (0.13.3)
    liquid (2.2.2)
    maruku (0.6.0)
      syntax (>= 1.0.0)
    multipart-post (1.1.3)
    nokogiri (1.4.4)
    posix-spawn (0.3.6)
    pygments.rb (0.1.3)
      rubypython (>= 0.5.1)
    rack (1.3.2)
    rake (0.9.2)
    rb-fsevent (0.4.3.1)
    rdiscount (1.6.8)
    ruby-aaws (0.7.0)
    rubypants (0.2.0)
    rubypython (0.5.1)
      blankslate (>= 2.1.2.3)
      ffi (~> 1.0.7)
    s3sync (1.2.5)
    sass (3.1.5)
    sinatra (1.2.6)
      rack (~> 1.1)
      tilt (>= 1.2.2, < 2.0)
    stringex (1.3.0)
    syntax (1.0.0)
    tilt (1.3.2)
    yajl-ruby (0.8.3)

PLATFORMS
  ruby
  x86-mingw32

DEPENDENCIES
  RedCloth
  compass (>= 0.11)
  domainatrix
  haml (>= 3.1)
  hpricot
  indextank
  jekyll
  nokogiri
  pygments.rb
  rack
  rake
  rb-fsevent
  rdiscount
  ruby-aaws
  rubypants
  s3sync
  sinatra (= 1.2.6)
  stringex
